PATH
  remote: .
  specs:
    rapidshare (1.0.0)
      httparty (~> 0.6)
      progressbar (~> 0.9)

GEM
  remote: http://rubygems.org/
  specs:
    crack (0.1.8)
    httparty (0.6.1)
      crack (= 0.1.8)
    progressbar (0.9.0)

PLATFORMS
  ruby

DEPENDENCIES
  httparty (~> 0.6)
  progressbar (~> 0.9)
  rapidshare!
